PATH
  remote: .
  specs:
    shenzhen (0.0.1)
      commander (~> 4.1.2)
      faraday (~> 0.8.0)
      faraday_middleware (~> 0.8.7)
      json (>= 1.7.3, < 2.7.0)

GEM
  remote: http://rubygems.org/
  specs:
    commander (4.1.6)
      highline (~> 1.6.11)
    faraday (0.8.11)
      multipart-post (~> 1.2.0)
    faraday_middleware (0.8.8)
      faraday (>= 0.7.4, < 0.9)
    highline (1.6.21)
    json (2.6.3)
    multipart-post (1.2.0)
    rake (13.0.6)
    rspec (0.6.4)

PLATFORMS
  ruby

DEPENDENCIES
  rake (~> 13.0.6)
  rspec (~> 0.6.1)
  shenzhen!
